GEM
  remote: https://rubygems.org/
  specs:
    ZenTest (4.11.1)
    diff-lcs (1.3)
    hoe (3.16.0)
      rake (>= 0.8, < 13.0)
    hoe-bundler (1.3.0)
      hoe (>= 2.2.0)
    hoe-debugging (1.3.0)
    hoe-gemspec (1.0.0)
      hoe (>= 2.2.0)
    hoe-git (1.6.0)
    minitest (5.10.1)
    power_assert (1.0.1)
    rake (12.0.0)
    rake-compiler (0.9.9)
      rake
    rake-compiler-dock (0.5.3)
    rdoc (4.3.0)
    rspec (3.5.0)
      rspec-core (~> 3.5.0)
      rspec-expectations (~> 3.5.0)
      rspec-mocks (~> 3.5.0)
    rspec-core (3.5.4)
      rspec-support (~> 3.5.0)
    rspec-expectations (3.5.0)
      diff-lcs (>= 1.2.0, < 2.0)
      rspec-support (~> 3.5.0)
    rspec-mocks (3.5.0)
      diff-lcs (>= 1.2.0, < 2.0)
      rspec-support (~> 3.5.0)
    rspec-support (3.5.0)
    test-unit (3.2.3)
      power_assert
    yard (0.9.8)

PLATFORMS
  x86-mingw32

DEPENDENCIES
  ZenTest
  hoe (~> 3.12)
  hoe-bundler
  hoe-debugging
  hoe-gemspec
  hoe-git
  minitest
  rake
  rake-compiler (~> 0.9.2)
  rake-compiler-dock (~> 0.5.1)
  rdoc (~> 4.0)
  rspec
  test-unit
  yard

BUNDLED WITH
   1.14.6
